GEM
  remote: https://rubygems.org/
  specs:
    json (2.3.0)
    minitest (5.14.2)

PLATFORMS
  x86_64-darwin-19

DEPENDENCIES
  json
  minitest

BUNDLED WITH
   2.2.6
